GEM
  remote: https://rubygems.org/
  specs:
    blankslate (2.1.2.4)
    bourbon (4.0.2)
      sass (~> 3.3)
      thor
    celluloid (0.16.0)
      timers (~> 4.0.0)
    classifier-reborn (2.0.2)
      fast-stemmer (~> 1.0)
    coffee-script (2.3.0)
      coffee-script-source
      execjs
    coffee-script-source (1.8.0)
    colorator (0.1)
    execjs (2.2.2)
    fast-stemmer (1.0.2)
<<<<<<< HEAD
=======
    ffi (1.9.6)
>>>>>>> master
    ffi (1.9.6-x64-mingw32)
    hitimes (1.2.2)
    jekyll (2.4.0)
      classifier-reborn (~> 2.0)
      colorator (~> 0.1)
      jekyll-coffeescript (~> 1.0)
      jekyll-gist (~> 1.0)
      jekyll-paginate (~> 1.0)
      jekyll-sass-converter (~> 1.0)
      jekyll-watch (~> 1.1)
      kramdown (~> 1.3)
      liquid (~> 2.6.1)
      mercenary (~> 0.3.3)
      pygments.rb (~> 0.6.0)
      redcarpet (~> 3.1)
      safe_yaml (~> 1.0)
      toml (~> 0.1.0)
    jekyll-coffeescript (1.0.1)
      coffee-script (~> 2.2)
    jekyll-gist (1.1.0)
    jekyll-paginate (1.1.0)
    jekyll-sass-converter (1.2.1)
      sass (~> 3.2)
<<<<<<< HEAD
    jekyll-sitemap (0.6.1)
=======
    jekyll-sitemap (0.6.3)
>>>>>>> master
    jekyll-watch (1.1.2)
      listen (~> 2.7)
    kramdown (1.5.0)
    liquid (2.6.1)
<<<<<<< HEAD
    listen (2.7.11)
      celluloid (>= 0.15.2)
      rb-fsevent (>= 0.9.3)
      rb-inotify (>= 0.9)
    mercenary (0.3.4)
    neat (1.7.0)
      bourbon (>= 4.0)
      sass (>= 3.3)
    octopress (3.0.0.rc.15)
=======
    listen (2.8.3)
      celluloid (>= 0.15.2)
      rb-fsevent (>= 0.9.3)
      rb-inotify (>= 0.9)
    mercenary (0.3.5)
    neat (1.7.0)
      bourbon (>= 4.0)
      sass (>= 3.3)
    octopress (3.0.0.rc.16)
>>>>>>> master
      jekyll (~> 2.0)
      mercenary (~> 0.3.2)
      octopress-deploy
      octopress-docs
      titlecase
    octopress-deploy (1.0.0)
      colorator
      octopress-docs
    octopress-docs (0.0.9)
      jekyll (~> 2.0)
      octopress-escape-code (~> 1.0)
      octopress-hooks (~> 2.0)
    octopress-escape-code (1.0.2)
      octopress-hooks (~> 2.0)
    octopress-hooks (2.2.1)
      jekyll (~> 2.0)
    parslet (1.5.0)
      blankslate (~> 2.0)
    posix-spawn (0.3.9)
    pygments.rb (0.6.0)
      posix-spawn (~> 0.3.6)
      yajl-ruby (~> 1.1.0)
    rb-fsevent (0.9.4)
    rb-inotify (0.9.5)
      ffi (>= 0.5.0)
<<<<<<< HEAD
    redcarpet (3.2.0)
    safe_yaml (1.0.4)
    sass (3.4.7)
=======
    redcarpet (3.2.1)
    rouge (1.7.4)
    safe_yaml (1.0.4)
    sass (3.4.9)
>>>>>>> master
    thor (0.19.1)
    timers (4.0.1)
      hitimes
    titlecase (0.1.1)
    toml (0.1.2)
      parslet (~> 1.5.0)
    yajl-ruby (1.1.0)

PLATFORMS
<<<<<<< HEAD
=======
  ruby
>>>>>>> master
  x64-mingw32

DEPENDENCIES
  bourbon
  jekyll (~> 2.4.0)
  jekyll-sitemap (~> 0.6.1)
  neat
  octopress (~> 3.0.0.rc.12)
<<<<<<< HEAD
=======
  rouge
>>>>>>> master
  sass
