GIT
  remote: git://github.com/jekyll/classifier-reborn.git
  revision: 99fde3c53b52781932c875211beec157d9773101
  specs:
    classifier-reborn (2.0.2)
      fast-stemmer (~> 1.0)

GIT
  remote: git://github.com/siefca/rb-gsl
  revision: d9b78c9cf18e112f6ab0623480a9861969b6fa9f
  specs:
    gsl (1.16.0)
      narray (>= 0.5.9)

GEM
  remote: https://rubygems.org/
  specs:
    blankslate (2.1.2.4)
    bourbon (4.0.2)
      sass (~> 3.3)
      thor
    celluloid (0.16.0)
      timers (~> 4.0.0)
    coffee-script (2.3.0)
      coffee-script-source
      execjs
    coffee-script-source (1.8.0)
    colorator (0.1)
    execjs (2.2.2)
    fast-stemmer (1.0.2)
    ffi (1.9.6)
    hitimes (1.2.2)
    jekyll (2.5.2)
      classifier-reborn (~> 2.0)
      colorator (~> 0.1)
      jekyll-coffeescript (~> 1.0)
      jekyll-gist (~> 1.0)
      jekyll-paginate (~> 1.0)
      jekyll-sass-converter (~> 1.0)
      jekyll-watch (~> 1.1)
      kramdown (~> 1.3)
      liquid (~> 2.6.1)
      mercenary (~> 0.3.3)
      pygments.rb (~> 0.6.0)
      redcarpet (~> 3.1)
      safe_yaml (~> 1.0)
      toml (~> 0.1.0)
    jekyll-coffeescript (1.0.1)
      coffee-script (~> 2.2)
    jekyll-gist (1.1.0)
    jekyll-paginate (1.1.0)
    jekyll-sass-converter (1.2.1)
      sass (~> 3.2)
    jekyll-sitemap (0.6.3)
    jekyll-watch (1.1.2)
      listen (~> 2.7)
    kramdown (1.5.0)
    liquid (2.6.1)
    listen (2.8.3)
      celluloid (>= 0.15.2)
      rb-fsevent (>= 0.9.3)
      rb-inotify (>= 0.9)
    mercenary (0.3.5)
    narray (0.6.0.9)
    neat (1.7.0)
      bourbon (>= 4.0)
      sass (>= 3.3)
    octopress (3.0.0.rc.16)
      jekyll (~> 2.0)
      mercenary (~> 0.3.2)
      octopress-deploy
      octopress-docs
      titlecase
    octopress-deploy (1.0.0)
      colorator
      octopress-docs
    octopress-docs (0.0.9)
      jekyll (~> 2.0)
      octopress-escape-code (~> 1.0)
      octopress-hooks (~> 2.0)
    octopress-escape-code (1.0.2)
      octopress-hooks (~> 2.0)
    octopress-hooks (2.2.1)
      jekyll (~> 2.0)
    parslet (1.5.0)
      blankslate (~> 2.0)
    posix-spawn (0.3.9)
    pygments.rb (0.6.0)
      posix-spawn (~> 0.3.6)
      yajl-ruby (~> 1.1.0)
    rb-fsevent (0.9.4)
    rb-inotify (0.9.5)
      ffi (>= 0.5.0)
    redcarpet (3.2.1)
    rouge (1.7.4)
    safe_yaml (1.0.4)
    sass (3.4.9)
    thor (0.19.1)
    timers (4.0.1)
      hitimes
    titlecase (0.1.1)
    toml (0.1.2)
      parslet (~> 1.5.0)
    yajl-ruby (1.1.0)

PLATFORMS
  ruby

DEPENDENCIES
  bourbon
  classifier-reborn!
  fast-stemmer
  gsl!
  jekyll (~> 2.5.0)
  jekyll-sitemap (~> 0.6.1)
  narray
  neat
  octopress (~> 3.0.0.rc.12)
  rouge
  sass
